PATH
  remote: .
  specs:
    alchemy_domains (0.0.1)
      alchemy_cms (~> 2.1.6)
      rails (~> 3.1.3)

GEM
  remote: http://rubygems.org/
  specs:
    actionmailer (3.1.3)
      actionpack (= 3.1.3)
      mail (~> 2.3.0)
    actionpack (3.1.3)
      activemodel (= 3.1.3)
      activesupport (= 3.1.3)
      builder (~> 3.0.0)
      erubis (~> 2.7.0)
      i18n (~> 0.6)
      rack (~> 1.3.5)
      rack-cache (~> 1.1)
      rack-mount (~> 0.8.2)
      rack-test (~> 0.6.1)
      sprockets (~> 2.0.3)
    activemodel (3.1.3)
      activesupport (= 3.1.3)
      builder (~> 3.0.0)
      i18n (~> 0.6)
    activerecord (3.1.3)
      activemodel (= 3.1.3)
      activesupport (= 3.1.3)
      arel (~> 2.2.1)
      tzinfo (~> 0.3.29)
    activeresource (3.1.3)
      activemodel (= 3.1.3)
      activesupport (= 3.1.3)
    activesupport (3.1.3)
      multi_json (~> 1.0)
    acts_as_ferret (0.5.3)
      jk-ferret (>= 0.11.8)
      rails (>= 3.0)
    acts_as_list (0.1.4)
    alchemy_cms (2.1.6)
      acts_as_ferret (~> 0.5)
      acts_as_list (~> 0.1)
      attachment_magic (~> 0.2.1)
      authlogic
      awesome_nested_set (~> 2.0)
      declarative_authorization (~> 0.5.4)
      dynamic_form (~> 1.1)
      jquery-rails (~> 1.0.16)
      magiclabs-userstamp (~> 2.0.2)
      rails (~> 3.1.3)
      tvdeyen-fleximage (~> 1.0.9)
      will_paginate (~> 3.0)
    arel (2.2.3)
    attachment_magic (0.2.1)
      mimetype-fu (~> 0.1.2)
      rails (>= 3.0.10)
    authlogic (3.1.0)
      activerecord (>= 3.0.7)
      activerecord (>= 3.0.7)
    awesome_nested_set (2.1.2)
      activerecord (>= 3.0.0)
    aws-s3 (0.6.2)
      builder
      mime-types
      xml-simple
    builder (3.0.0)
    declarative_authorization (0.5.5)
    dynamic_form (1.1.4)
    erubis (2.7.0)
    hike (1.2.1)
    i18n (0.6.0)
    jk-ferret (0.11.8.3)
      rake
    jquery-rails (1.0.19)
      railties (~> 3.0)
      thor (~> 0.14)
    json (1.6.5)
    magiclabs-userstamp (2.0.2)
    mail (2.3.0)
      i18n (>= 0.4.0)
      mime-types (~> 1.16)
      treetop (~> 1.4.8)
    mime-types (1.17.2)
    mimetype-fu (0.1.2)
    multi_json (1.1.0)
    polyglot (0.3.3)
    rack (1.3.6)
    rack-cache (1.1)
      rack (>= 0.4)
    rack-mount (0.8.3)
      rack (>= 1.0.0)
    rack-ssl (1.3.2)
      rack
    rack-test (0.6.1)
      rack (>= 1.0)
    rails (3.1.3)
      actionmailer (= 3.1.3)
      actionpack (= 3.1.3)
      activerecord (= 3.1.3)
      activeresource (= 3.1.3)
      activesupport (= 3.1.3)
      bundler (~> 1.0)
      railties (= 3.1.3)
    railties (3.1.3)
      actionpack (= 3.1.3)
      activesupport (= 3.1.3)
      rack-ssl (~> 1.3.2)
      rake (>= 0.8.7)
      rdoc (~> 3.4)
      thor (~> 0.14.6)
    rake (0.9.2.2)
    rdoc (3.12)
      json (~> 1.4)
    rmagick (2.13.1)
    sprockets (2.0.3)
      hike (~> 1.2)
      rack (~> 1.0)
      tilt (~> 1.1, != 1.3.0)
    sqlite3 (1.3.5)
    thor (0.14.6)
    tilt (1.3.3)
    treetop (1.4.10)
      polyglot
      polyglot (>= 0.3.1)
    tvdeyen-fleximage (1.0.9)
      aws-s3
      rmagick
    tzinfo (0.3.31)
    will_paginate (3.0.3)
    xml-simple (1.1.1)

PLATFORMS
  ruby

DEPENDENCIES
  alchemy_domains!
  jquery-rails
  sqlite3
